GEM
  remote: https://rubygems.org/
  specs:
    activemodel (5.2.8.1)
      activesupport (= 5.2.8.1)
    activerecord (5.2.8.1)
      activemodel (= 5.2.8.1)
      activesupport (= 5.2.8.1)
      arel (>= 9.0)
    activesupport (5.2.8.1)
      concurrent-ruby (~> 1.0, >= 1.0.2)
      i18n (>= 0.7, < 2)
      minitest (~> 5.1)
      tzinfo (~> 1.1)
    addressable (2.7.0)
      public_suffix (>= 2.0.2, < 5.0)
    arel (9.0.0)
    ast (2.4.0)
    backports (3.15.0)
    bcrypt (3.1.13)
    carrierwave (2.0.2)
      activemodel (>= 5.0.0)
      activesupport (>= 5.0.0)
      addressable (~> 2.6)
      image_processing (~> 1.1)
      mimemagic (>= 0.3.0)
      mini_mime (>= 0.1.3)
    concurrent-ruby (1.1.10)
    debase (0.2.4.1)
      debase-ruby_core_source (>= 0.10.2)
    debase-ruby_core_source (0.10.9)
    fastri (0.3.1.1)
    ffi (1.12.2)
    i18n (1.11.0)
      concurrent-ruby (~> 1.0)
    image_processing (1.10.3)
      mini_magick (>= 4.9.5, < 5)
      ruby-vips (>= 2.0.17, < 3)
    jaro_winkler (1.5.4)
    mimemagic (0.3.4)
    mini_magick (4.10.1)
    mini_mime (1.0.2)
    minitest (5.16.2)
    multi_json (1.14.1)
    mustermann (1.1.1)
      ruby2_keywords (~> 0.0.1)
    parallel (1.19.1)
    parser (2.7.0.2)
      ast (~> 2.4.0)
    pg (1.2.2)
    public_suffix (4.0.3)
    rack (2.1.2)
    rack-protection (2.0.8.1)
      rack
    rainbow (3.0.0)
    rake (13.0.1)
    rcodetools (0.8.5.0)
    rubocop (0.79.0)
      jaro_winkler (~> 1.5.1)
      parallel (~> 1.10)
      parser (>= 2.7.0.1)
      rainbow (>= 2.2.2, < 4.0)
      ruby-progressbar (~> 1.7)
      unicode-display_width (>= 1.4.0, < 1.7)
    ruby-debug-ide (0.7.0)
      rake (>= 0.8.1)
    ruby-progressbar (1.10.1)
    ruby-vips (2.0.17)
      ffi (~> 1.9)
    ruby2_keywords (0.0.2)
    sinatra (2.0.8.1)
      mustermann (~> 1.0)
      rack (~> 2.0)
      rack-protection (= 2.0.8.1)
      tilt (~> 2.0)
    sinatra-activerecord (2.0.14)
      activerecord (>= 3.2)
      sinatra (>= 1.0)
    sinatra-contrib (2.0.8.1)
      backports (>= 2.8.2)
      multi_json
      mustermann (~> 1.0)
      rack-protection (= 2.0.8.1)
      sinatra (= 2.0.8.1)
      tilt (~> 2.0)
    sqlite3 (1.4.2)
    thread_safe (0.3.6)
    tilt (2.0.10)
    tzinfo (1.2.9)
      thread_safe (~> 0.1)
    unicode-display_width (1.6.1)

PLATFORMS
  ruby

DEPENDENCIES
  activerecord (= 5.2.8.1)
  bcrypt
  carrierwave
  debase
  fastri
  pg
  rake
  rcodetools
  rubocop
  ruby-debug-ide
  sinatra
  sinatra-activerecord
  sinatra-contrib
  sqlite3

RUBY VERSION
   ruby 2.6.2p47

BUNDLED WITH
   2.0.2
